PATH
  remote: .
  specs:
    ar_after_transaction (0.2.6)
      activerecord

GEM
  remote: http://rubygems.org/
  specs:
    activemodel (3.2.11)
      activesupport (= 3.2.11)
      builder (~> 3.0.0)
    activerecord (3.2.11)
      activemodel (= 3.2.11)
      activesupport (= 3.2.11)
      arel (~> 3.0.2)
      tzinfo (~> 0.3.29)
    activesupport (3.2.11)
      i18n (~> 0.6)
      multi_json (~> 1.0)
    appraisal (0.5.1)
      bundler
      rake
    arel (3.0.2)
    builder (3.0.4)
    bump (0.3.5)
    diff-lcs (1.1.3)
    i18n (0.6.1)
    multi_json (1.5.0)
    rake (10.0.2)
    rspec (2.12.0)
      rspec-core (~> 2.12.0)
      rspec-expectations (~> 2.12.0)
      rspec-mocks (~> 2.12.0)
    rspec-core (2.12.0)
    rspec-expectations (2.12.0)
      diff-lcs (~> 1.1.3)
    rspec-mocks (2.12.0)
    sqlite3 (1.3.6)
    tzinfo (0.3.35)

PLATFORMS
  ruby

DEPENDENCIES
  appraisal
  ar_after_transaction!
  bump
  rake
  rspec (~> 2)
  sqlite3
